PATH
  remote: ../RedScreen
  specs:
    red_screen (0.0.1)
      rack
      tilt

GEM
  remote: https://rubygems.org/
  specs:
    rack (2.0.5)
    tilt (2.0.8)

PLATFORMS
  ruby

DEPENDENCIES
  red_screen!

BUNDLED WITH
   1.16.0
